GIT
  remote: git://github.com/huerlisi/cupsffi.git
  revision: fb92b21f855d2fb1cb931b07856156e1ce68939a
  specs:
    cupsffi (0.0.9)
      ffi

GIT
  remote: git://github.com/rails/prototype_legacy_helper.git
  revision: a2cd95c3e3c1a4f7a9566efdab5ce59c886cb05f
  specs:
    prototype_legacy_helper (0.0.0)

GIT
  remote: git://github.com/seyhunak/twitter-bootstrap-rails.git
  revision: ac20f06d565099325abe38fa147a6aa2047248f4
  specs:
    twitter-bootstrap-rails (2.1.3)
      actionpack (>= 3.1)
      less-rails (~> 2.2.3)
      railties (>= 3.1)
      therubyracer (>= 0.10.2)

GIT
  remote: git://github.com/sosedoff/capistrano-unicorn.git
  revision: de60659012d8058eaa176133d2657e0ea08ed6f3
  specs:
    capistrano-unicorn (0.1.6)
      capistrano

GIT
  remote: https://github.com/apeiros/swissmatch-location.git
  revision: 745b29c1baabbc54eafac6ff6da96941d5218785
  specs:
    swissmatch-location (0.0.1)
      autocompletion
      rubyzip

GIT
  remote: https://github.com/apeiros/swissmatch-rails.git
  revision: 2d47ec2f574dc0c3e801bc339f659e4542a4951f
  specs:
    swissmatch-rails (0.0.1)
      swissmatch

GIT
  remote: https://github.com/apeiros/swissmatch.git
  revision: e69b1553068c4c9bd2e18a993a999f583ae2f544
  specs:
    swissmatch (0.0.1)
      swissmatch-location

GIT
  remote: https://github.com/huerlisi/file_column.git
  revision: e8afe8be310e4f4dafcfa017fa3946890d35a4db
  specs:
    file-column (0.3.3)

GIT
  remote: https://github.com/huerlisi/lyb_devise_admin.git
  revision: ffa5bfd32cd61f4619e29547a173ab5bd28346e6
  specs:
    lyb_devise_admin (0.3.4)

GIT
  remote: https://github.com/huerlisi/swissmatch-directories.git
  revision: d2c5d0dfb79e750359ae56caed2e7a5941abf74c
  specs:
    swissmatch-directories (0.0.1)
      autocompletion
      rubyzip

GIT
  remote: https://github.com/slash4/rails3-jquery-autocomplete.git
  revision: 393786627734720f5cdae2265bc4a74609756452
  specs:
    rails3-jquery-autocomplete (1.0.4)
      rails (~> 3.0)

GEM
  remote: http://rubygems.org/
  specs:
    Ascii85 (1.0.1)
    ZenTest (4.5.0)
    actionmailer (3.2.9)
      actionpack (= 3.2.9)
      mail (~> 2.4.4)
    actionpack (3.2.9)
      activemodel (= 3.2.9)
      activesupport (= 3.2.9)
      builder (~> 3.0.0)
      erubis (~> 2.7.0)
      journey (~> 1.0.4)
      rack (~> 1.4.0)
      rack-cache (~> 1.2)
      rack-test (~> 0.6.1)
      sprockets (~> 2.2.1)
    activemodel (3.2.9)
      activesupport (= 3.2.9)
      builder (~> 3.0.0)
    activerecord (3.2.9)
      activemodel (= 3.2.9)
      activesupport (= 3.2.9)
      arel (~> 3.0.2)
      tzinfo (~> 0.3.29)
    activerecord-sqlserver-adapter (3.2.4)
      activerecord (~> 3.2.0)
    activeresource (3.2.9)
      activemodel (= 3.2.9)
      activesupport (= 3.2.9)
    activesupport (3.2.9)
      i18n (~> 0.6)
      multi_json (~> 1.0)
    addressable (2.2.8)
    arel (3.0.2)
    autocompletion (0.0.1)
    autotest (4.4.6)
      ZenTest (>= 4.4.1)
    autotest-rails (4.1.2)
      ZenTest (~> 4.5)
    barby (0.5.0)
    bcrypt-ruby (3.0.1)
    builder (3.0.4)
    cancan (1.6.7)
    cap-recipes (0.3.39)
    capistrano (2.13.4)
      highline
      net-scp (>= 1.0.0)
      net-sftp (>= 2.0.0)
      net-ssh (>= 2.0.14)
      net-ssh-gateway (>= 1.1.0)
    capistrano-ext (1.2.1)
      capistrano (>= 1.0.0)
    capistrano_colors (0.5.5)
    capones_recipes (1.15.5)
      cap-recipes
      capistrano
      capistrano-ext
      capistrano_colors
    capybara (1.1.2)
      mime-types (>= 1.16)
      nokogiri (>= 1.3.3)
      rack (>= 1.0.0)
      rack-test (>= 0.5.4)
      selenium-webdriver (~> 2.0)
      xpath (~> 0.1.4)
    carrierwave (0.7.0)
      activemodel (>= 3.2.0)
      activesupport (>= 3.2.0)
    childprocess (0.3.6)
      ffi (~> 1.0, >= 1.0.6)
    coffee-rails (3.2.2)
      coffee-script (>= 2.2.0)
      railties (~> 3.2.0)
    coffee-script (2.2.0)
      coffee-script-source
      execjs
    coffee-script-source (1.3.1)
    commonjs (0.2.6)
    devise (2.0.4)
      bcrypt-ruby (~> 3.0)
      orm_adapter (~> 0.0.3)
      railties (~> 3.1)
      warden (~> 1.1.1)
    dynamic_form (1.1.4)
    erubis (2.7.0)
    execjs (1.3.2)
      multi_json (~> 1.0)
    fastercsv (1.5.4)
    ffi (1.2.0)
    formtastic (2.1.1)
      actionpack (~> 3.0)
    haml (3.1.7)
    has_scope (0.5.1)
    has_vcards (0.19.0)
      inherited_resources
      rails (~> 3.0)
    highline (1.6.15)
    hike (1.2.1)
    hpricot (0.8.6)
    i18n (0.6.1)
    i18n_rails_helpers (1.0.7)
    inherited_resources (1.3.1)
      has_scope (~> 0.5.0)
      responders (~> 0.6)
    jcrop-rails (1.0.2)
      railties (~> 3.0)
      thor (~> 0.14)
    journey (1.0.4)
    jquery-rails (2.0.2)
      railties (>= 3.2.0, < 5.0)
      thor (~> 0.14)
    jquery-ui-rails (0.4.0)
      jquery-rails
      railties (>= 3.1.0)
    jruby-pageant (1.1.1)
    json (1.7.5)
    kaminari (0.14.1)
      actionpack (>= 3.0.0)
      activesupport (>= 3.0.0)
    kgio (2.7.4)
    ledermann-rails-settings (1.2.0)
      activerecord (>= 2.3)
    less (2.2.2)
      commonjs (~> 0.2.6)
    less-rails (2.2.3)
      actionpack (>= 3.1)
      less (~> 2.2.0)
    libv8 (3.3.10.4)
    libwebsocket (0.1.3)
      addressable
    lyb_sidebar (0.1.1)
      rails (~> 3.1)
    mail (2.4.4)
      i18n (>= 0.4.0)
      mime-types (~> 1.16)
      treetop (~> 1.4.8)
    mime-types (1.19)
    multi_json (1.5.0)
    mysql2 (0.3.11)
    net-scp (1.0.4)
      net-ssh (>= 1.99.1)
    net-sftp (2.0.5)
      net-ssh (>= 2.0.9)
    net-ssh (2.6.0)
      jruby-pageant (>= 1.1.1)
    net-ssh-gateway (1.1.0)
      net-ssh (>= 1.99.1)
    nokogiri (1.5.5)
    orm_adapter (0.0.7)
    pdf-reader (1.1.0)
      Ascii85 (~> 1.0.0)
      ruby-rc4
    polyglot (0.3.3)
    prawn (0.12.0)
      pdf-reader (>= 0.9.0)
      ttfunk (~> 1.0.2)
    prawnto (0.1.1)
      prawn
      rails (>= 2.1)
    rack (1.4.1)
    rack-cache (1.2)
      rack (>= 0.4)
    rack-ssl (1.3.2)
      rack
    rack-test (0.6.2)
      rack (>= 1.0)
    rails (3.2.9)
      actionmailer (= 3.2.9)
      actionpack (= 3.2.9)
      activerecord (= 3.2.9)
      activeresource (= 3.2.9)
      activesupport (= 3.2.9)
      bundler (~> 1.0)
      railties (= 3.2.9)
    railties (3.2.9)
      actionpack (= 3.2.9)
      activesupport (= 3.2.9)
      rack-ssl (~> 1.3.2)
      rake (>= 0.8.7)
      rdoc (~> 3.4)
      thor (>= 0.14.6, < 2.0)
    raindrops (0.10.0)
    rake (10.0.3)
    rdoc (3.12)
      json (~> 1.4)
    responders (0.9.3)
      railties (~> 3.1)
    riddle (1.5.2)
    rmagick (2.13.1)
    ruby-rc4 (0.1.5)
    ruby_parser (2.3.1)
      sexp_processor (~> 3.0)
    rubyzip (0.9.9)
    sass (3.1.17)
    sass-rails (3.2.5)
      railties (~> 3.2.0)
      sass (>= 3.1.10)
      tilt (~> 1.3)
    selenium-webdriver (2.21.2)
      childprocess (>= 0.2.5)
      ffi (~> 1.0)
      libwebsocket (~> 0.1.3)
      multi_json (~> 1.0)
      rubyzip
    sexp_processor (3.2.0)
    shoulda (3.0.1)
      shoulda-context (~> 1.0.0)
      shoulda-matchers (~> 1.0.0)
    shoulda-context (1.0.0)
    shoulda-matchers (1.0.0)
    simple_form (2.0.2)
      actionpack (~> 3.0)
      activemodel (~> 3.0)
    sprockets (2.2.2)
      hike (~> 1.2)
      multi_json (~> 1.0)
      rack (~> 1.0)
      tilt (~> 1.1, != 1.3.0)
    sqlite3 (1.3.6)
    therubyracer (0.10.2)
      libv8 (~> 3.3.10)
    thinking-sphinx (2.0.12)
      activerecord (>= 3.0.3)
      builder (>= 2.1.2)
      riddle (>= 1.5.2)
    thor (0.16.0)
    tilt (1.3.3)
    timeliness (0.3.7)
    tinymce-rails (3.4.9)
      railties (>= 3.1.1)
    treetop (1.4.12)
      polyglot
      polyglot (>= 0.3.1)
    ttfunk (1.0.3)
    tzinfo (0.3.35)
    uglifier (1.2.4)
      execjs (>= 0.3.0)
      multi_json (>= 1.0.2)
    unicode_utils (1.3.0)
    unicorn (4.3.1)
      kgio (~> 2.6)
      rack
      raindrops (~> 0.7)
    use_db (0.2.0)
    validates_timeliness (3.0.14)
      timeliness (~> 0.3.6)
    warden (1.1.1)
      rack (>= 1.0)
    xpath (0.1.4)
      nokogiri (~> 1.3)

PLATFORMS
  ruby

DEPENDENCIES
  ZenTest (< 4.6.0)
  activerecord-sqlserver-adapter
  autocompletion
  autotest
  autotest-rails
  barby
  cancan
  capistrano-unicorn!
  capones_recipes
  capybara
  carrierwave
  coffee-rails
  cupsffi!
  devise
  dynamic_form
  fastercsv
  file-column!
  formtastic (~> 2.1.0)
  haml
  has_scope
  has_vcards
  hpricot
  i18n_rails_helpers
  inherited_resources
  jcrop-rails
  jquery-rails
  jquery-ui-rails
  kaminari
  ledermann-rails-settings
  lyb_devise_admin!
  lyb_sidebar
  mysql2
  prawn
  prawnto
  prototype_legacy_helper (= 0.0.0)!
  rails
  rails3-jquery-autocomplete!
  rdoc
  rmagick
  ruby_parser
  sass-rails
  shoulda
  simple_form
  sprockets
  sqlite3
  swissmatch!
  swissmatch-directories!
  swissmatch-location!
  swissmatch-rails!
  therubyracer
  thinking-sphinx
  tinymce-rails
  twitter-bootstrap-rails!
  uglifier
  unicode_utils
  unicorn
  use_db
  validates_timeliness
